GEM
  remote: http://rubygems.org/
  specs:
    nokogiri (1.5.5)
    rack (1.4.1)
    rack-pjax (0.6.0.beta)
      nokogiri (~> 1.5)
      rack (~> 1.3)
    rake (0.8.7)
    shotgun (0.8)
      rack (>= 1.0)
    sinatra (1.0)
      rack (>= 1.0)

PLATFORMS
  ruby

DEPENDENCIES
  rack-pjax (= 0.6.0.beta)
  rake
  shotgun (= 0.8)
  sinatra (= 1.0)
